GEM
  remote: https://rubygems.org/
  specs:
    bourbon (4.3.4)
      sass (~> 3.4)
      thor (~> 0.19)
    coderay (1.1.1)
    dalli (2.7.6)
    json (2.1.0)
    method_source (0.8.2)
    mustermann (1.0.0)
    pry (0.10.4)
      coderay (~> 1.1.0)
      method_source (~> 0.8.1)
      slop (~> 3.4)
    rack (2.0.3)
    rack-cache (1.7.0)
      rack (>= 0.4)
    rack-protection (2.0.0)
      rack
    sass (3.4.24)
    sinatra (2.0.0)
      mustermann (~> 1.0)
      rack (~> 2.0)
      rack-protection (= 2.0.0)
      tilt (~> 2.0)
    slim (3.0.8)
      temple (>= 0.7.6, < 0.9)
      tilt (>= 1.3.3, < 2.1)
    slop (3.6.0)
    temple (0.8.0)
    thor (0.19.4)
    tilt (2.0.7)

PLATFORMS
  ruby

DEPENDENCIES
  bourbon
  dalli
  json
  pry
  rack-cache
  sass
  sinatra
  slim

RUBY VERSION
   ruby 2.3.4p301

BUNDLED WITH
   1.15.1
